PATH
  remote: .
  specs:
    ai_agent (0.0.1)
      ai_client
      bunny
      nats-pure
      simple_json_schema_builder

GEM
  remote: https://rubygems.org/
  specs:
    active_hash (3.3.1)
      activesupport (>= 5.0.0)
    activesupport (8.0.0)
      base64
      benchmark (>= 0.3)
      bigdecimal
      concurrent-ruby (~> 1.0, >= 1.3.1)
      connection_pool (>= 2.2.5)
      drb
      i18n (>= 1.6, < 2)
      logger (>= 1.4.2)
      minitest (>= 5.1)
      securerandom (>= 0.3)
      tzinfo (~> 2.0, >= 2.0.5)
      uri (>= 0.13.1)
    addressable (2.8.7)
      public_suffix (>= 2.0.2, < 7.0)
    ai_client (0.4.1)
      active_hash
      hashie
      omniai
      omniai-anthropic
      omniai-google
      omniai-mistral
      omniai-openai (>= 1.8.3)
      open_router
    amazing_print (1.6.0)
    amq-protocol (2.3.2)
    base64 (0.2.0)
    benchmark (0.4.0)
    bigdecimal (3.1.8)
    bunny (2.23.0)
      amq-protocol (~> 2.3, >= 2.3.1)
      sorted_set (~> 1, >= 1.0.2)
    cogger (0.31.0)
      core (~> 1.10)
      logger (~> 1.6)
      refinements (~> 12.10)
      tone (~> 1.10)
      zeitwerk (~> 2.7)
    concurrent-ruby (1.3.4)
    connection_pool (2.4.1)
    containable (0.6.0)
      concurrent-ruby (~> 1.2)
    core (1.10.0)
    debug_me (1.1.1)
    domain_name (0.6.20240107)
    dotenv (3.1.4)
    drb (2.2.1)
    dry-configurable (1.2.0)
      dry-core (~> 1.0, < 2)
      zeitwerk (~> 2.6)
    dry-core (1.0.2)
      concurrent-ruby (~> 1.0)
      logger
      zeitwerk (~> 2.6)
    dry-inflector (1.1.0)
    dry-initializer (3.1.1)
    dry-logic (1.5.0)
      concurrent-ruby (~> 1.0)
      dry-core (~> 1.0, < 2)
      zeitwerk (~> 2.6)
    dry-monads (1.6.0)
      concurrent-ruby (~> 1.0)
      dry-core (~> 1.0, < 2)
      zeitwerk (~> 2.6)
    dry-schema (1.13.4)
      concurrent-ruby (~> 1.0)
      dry-configurable (~> 1.0, >= 1.0.1)
      dry-core (~> 1.0, < 2)
      dry-initializer (~> 3.0)
      dry-logic (>= 1.4, < 2)
      dry-types (>= 1.7, < 2)
      zeitwerk (~> 2.6)
    dry-types (1.7.2)
      bigdecimal (~> 3.0)
      concurrent-ruby (~> 1.0)
      dry-core (~> 1.0)
      dry-inflector (~> 1.0)
      dry-logic (~> 1.4)
      zeitwerk (~> 2.6)
    etcher (2.7.0)
      cogger (~> 0.31)
      core (~> 1.10)
      dry-monads (~> 1.6)
      dry-types (~> 1.7)
      refinements (~> 12.10)
      versionaire (~> 13.10)
      zeitwerk (~> 2.7)
    event_stream_parser (1.0.0)
    faraday (2.12.1)
      faraday-net_http (>= 2.0, < 3.5)
      json
      logger
    faraday-multipart (1.0.4)
      multipart-post (~> 2)
    faraday-net_http (3.4.0)
      net-http (>= 0.5.0)
    ffi (1.17.0-arm64-darwin)
    ffi-compiler (1.3.2)
      ffi (>= 1.15.5)
      rake
    hashdiff (1.1.2)
    hashie (5.0.0)
    http (5.2.0)
      addressable (~> 2.8)
      base64 (~> 0.1)
      http-cookie (~> 1.0)
      http-form_data (~> 2.2)
      llhttp-ffi (~> 0.5.0)
    http-cookie (1.0.7)
      domain_name (~> 0.5)
    http-form_data (2.3.0)
    i18n (1.14.6)
      concurrent-ruby (~> 1.0)
    infusible (3.12.0)
      marameters (~> 3.12)
    json (2.9.0)
    llhttp-ffi (0.5.0)
      ffi-compiler (~> 1.0)
      rake (~> 13.0)
    logger (1.6.2)
    marameters (3.12.0)
      refinements (~> 12.10)
      zeitwerk (~> 2.7)
    minitest (5.25.2)
    mocha (2.6.1)
      ruby2_keywords (>= 0.0.5)
    multi_json (1.15.0)
    multipart-post (2.4.1)
    nats-pure (2.4.0)
      concurrent-ruby (~> 1.0)
    net-http (0.6.0)
      uri
    omniai (1.9.2)
      event_stream_parser
      http
      zeitwerk
    omniai-anthropic (1.9.5)
      event_stream_parser
      omniai
      zeitwerk
    omniai-google (1.9.3)
      event_stream_parser
      omniai
      zeitwerk
    omniai-mistral (1.9.3)
      event_stream_parser
      omniai
      zeitwerk
    omniai-openai (1.9.1)
      event_stream_parser
      omniai
      zeitwerk
    open_router (0.3.3)
      activesupport (>= 6.0)
      dotenv (>= 2)
      faraday (>= 1)
      faraday-multipart (>= 1)
    optparse (0.6.0)
    public_suffix (6.0.1)
    rake (13.2.1)
    rbtree (0.4.6)
    refinements (12.11.0)
    ruby2_keywords (0.0.5)
    runcom (11.10.0)
      refinements (~> 12.10)
      xdg (~> 8.10)
      zeitwerk (~> 2.7)
    securerandom (0.4.0)
    set (1.1.1)
    simple_json_schema_builder (0.1.0)
      multi_json (~> 1.0)
    sod (0.20.0)
      cogger (~> 0.31)
      containable (~> 0.2)
      infusible (~> 3.12)
      optparse (~> 0.6)
      refinements (~> 12.10)
      tone (~> 1.10)
      zeitwerk (~> 2.7)
    sorted_set (1.0.3)
      rbtree
      set (~> 1.0)
    spek (3.10.0)
      dry-monads (~> 1.6)
      refinements (~> 12.10)
      versionaire (~> 13.10)
      zeitwerk (~> 2.7)
    tocer (18.7.0)
      cogger (~> 0.31)
      containable (~> 0.2)
      core (~> 1.10)
      dry-schema (~> 1.13)
      etcher (~> 2.7)
      infusible (~> 3.12)
      refinements (~> 12.10)
      runcom (~> 11.10)
      sod (~> 0.20)
      spek (~> 3.0)
      zeitwerk (~> 2.7)
    tone (1.10.0)
      refinements (~> 12.10)
      zeitwerk (~> 2.7)
    tzinfo (2.0.6)
      concurrent-ruby (~> 1.0)
    uri (1.0.2)
    versionaire (13.10.0)
      refinements (~> 12.10)
    xdg (8.10.0)
    zeitwerk (2.7.1)

PLATFORMS
  arm64-darwin

DEPENDENCIES
  ai_agent!
  amazing_print
  debug_me
  hashdiff
  minitest (~> 5.16)
  mocha
  rake (~> 13.0)
  tocer

BUNDLED WITH
   2.5.23
