PATH
  remote: .
  specs:
    agent99 (0.0.4)
      bunny
      nats-pure
      simple_json_schema_builder
      sinatra

GEM
  remote: https://rubygems.org/
  specs:
    amazing_print (1.6.0)
    amq-protocol (2.3.2)
    base64 (0.3.0)
    bigdecimal (3.1.8)
    bunny (2.23.0)
      amq-protocol (~> 2.3, >= 2.3.1)
      sorted_set (~> 1, >= 1.0.2)
    cogger (1.1.0)
      core (~> 2.0)
      logger (~> 1.6)
      refinements (~> 13.0)
      tone (~> 2.0)
      zeitwerk (~> 2.7)
    concurrent-ruby (1.3.4)
    containable (1.3.0)
      concurrent-ruby (~> 1.3)
    core (2.3.0)
    debug_me (1.1.1)
    dry-configurable (1.2.0)
      dry-core (~> 1.0, < 2)
      zeitwerk (~> 2.6)
    dry-core (1.0.2)
      concurrent-ruby (~> 1.0)
      logger
      zeitwerk (~> 2.6)
    dry-inflector (1.1.0)
    dry-initializer (3.1.1)
    dry-logic (1.5.0)
      concurrent-ruby (~> 1.0)
      dry-core (~> 1.0, < 2)
      zeitwerk (~> 2.6)
    dry-monads (1.6.0)
      concurrent-ruby (~> 1.0)
      dry-core (~> 1.0, < 2)
      zeitwerk (~> 2.6)
    dry-schema (1.13.4)
      concurrent-ruby (~> 1.0)
      dry-configurable (~> 1.0, >= 1.0.1)
      dry-core (~> 1.0, < 2)
      dry-initializer (~> 3.0)
      dry-logic (>= 1.4, < 2)
      dry-types (>= 1.7, < 2)
      zeitwerk (~> 2.6)
    dry-types (1.7.2)
      bigdecimal (~> 3.0)
      concurrent-ruby (~> 1.0)
      dry-core (~> 1.0)
      dry-inflector (~> 1.0)
      dry-logic (~> 1.4)
      zeitwerk (~> 2.6)
    etcher (3.1.0)
      cogger (~> 1.0)
      core (~> 2.0)
      dry-monads (~> 1.6)
      dry-types (~> 1.7)
      refinements (~> 13.0)
      versionaire (~> 14.0)
      zeitwerk (~> 2.7)
    hashdiff (1.1.2)
    infusible (4.4.0)
      marameters (~> 4.1)
    logger (1.6.2)
    marameters (4.4.0)
      refinements (~> 13.3)
      zeitwerk (~> 2.7)
    minitest (5.25.2)
    mocha (2.6.1)
      ruby2_keywords (>= 0.0.5)
    multi_json (1.15.0)
    mustermann (3.0.3)
      ruby2_keywords (~> 0.0.1)
    nats-pure (2.4.0)
      concurrent-ruby (~> 1.0)
    optparse (0.6.0)
    rack (3.1.16)
    rack-protection (4.1.1)
      base64 (>= 0.1.0)
      logger (>= 1.6.0)
      rack (>= 3.0.0, < 4)
    rack-session (2.1.1)
      base64 (>= 0.1.0)
      rack (>= 3.0.0)
    rake (13.2.1)
    rbtree (0.4.6)
    refinements (13.4.0)
    ruby2_keywords (0.0.5)
    runcom (12.3.0)
      refinements (~> 13.3)
      xdg (~> 9.0)
      zeitwerk (~> 2.7)
    set (1.1.1)
    simple_json_schema_builder (0.1.0)
      multi_json (~> 1.0)
    sinatra (4.1.1)
      logger (>= 1.6.0)
      mustermann (~> 3.0)
      rack (>= 3.0.0, < 4)
      rack-protection (= 4.1.1)
      rack-session (>= 2.0.0, < 3)
      tilt (~> 2.0)
    sod (1.3.0)
      cogger (~> 1.0)
      containable (~> 1.1)
      infusible (~> 4.0)
      optparse (~> 0.6)
      refinements (~> 13.3)
      tone (~> 2.0)
      zeitwerk (~> 2.7)
    sorted_set (1.0.3)
      rbtree
      set (~> 1.0)
    spek (4.1.0)
      core (~> 2.0)
      dry-monads (~> 1.6)
      refinements (~> 13.0)
      versionaire (~> 14.0)
      zeitwerk (~> 2.7)
    tilt (2.6.1)
    tocer (19.3.0)
      cogger (~> 1.0)
      containable (~> 1.1)
      core (~> 2.0)
      dry-schema (~> 1.13)
      etcher (~> 3.0)
      infusible (~> 4.0)
      refinements (~> 13.3)
      runcom (~> 12.0)
      sod (~> 1.0)
      spek (~> 4.0)
      zeitwerk (~> 2.7)
    tone (2.4.0)
      refinements (~> 13.3)
      zeitwerk (~> 2.7)
    versionaire (14.3.0)
      refinements (~> 13.3)
    xdg (9.3.0)
    zeitwerk (2.7.1)

PLATFORMS
  arm64-darwin

DEPENDENCIES
  agent99!
  amazing_print
  debug_me
  hashdiff
  minitest
  mocha
  rake
  tocer

BUNDLED WITH
   2.5.23
