PATH
  remote: .
  specs:
    agent99 (0.0.5)
      bunny
      nats-pure
      simple_json_schema_builder
      sinatra

GEM
  remote: https://rubygems.org/
  specs:
    amazing_print (1.8.1)
    amq-protocol (2.3.4)
    base64 (0.3.0)
    bigdecimal (3.2.2)
    bunny (2.24.0)
      amq-protocol (~> 2.3)
      sorted_set (~> 1, >= 1.0.2)
    cogger (1.5.0)
      core (~> 2.0)
      logger (~> 1.7)
      refinements (~> 13.5)
      tone (~> 2.0)
      zeitwerk (~> 2.7)
    concurrent-ruby (1.3.5)
    containable (1.3.0)
      concurrent-ruby (~> 1.3)
    core (2.3.0)
    debug_me (1.1.1)
    dry-configurable (1.3.0)
      dry-core (~> 1.1)
      zeitwerk (~> 2.6)
    dry-core (1.1.0)
      concurrent-ruby (~> 1.0)
      logger
      zeitwerk (~> 2.6)
    dry-inflector (1.2.0)
    dry-initializer (3.2.0)
    dry-logic (1.6.0)
      bigdecimal
      concurrent-ruby (~> 1.0)
      dry-core (~> 1.1)
      zeitwerk (~> 2.6)
    dry-monads (1.9.0)
      concurrent-ruby (~> 1.0)
      dry-core (~> 1.1)
      zeitwerk (~> 2.6)
    dry-schema (1.14.1)
      concurrent-ruby (~> 1.0)
      dry-configurable (~> 1.0, >= 1.0.1)
      dry-core (~> 1.1)
      dry-initializer (~> 3.2)
      dry-logic (~> 1.5)
      dry-types (~> 1.8)
      zeitwerk (~> 2.6)
    dry-types (1.8.3)
      bigdecimal (~> 3.0)
      concurrent-ruby (~> 1.0)
      dry-core (~> 1.0)
      dry-inflector (~> 1.0)
      dry-logic (~> 1.4)
      zeitwerk (~> 2.6)
    etcher (3.3.0)
      cogger (~> 1.0)
      core (~> 2.0)
      dry-monads (~> 1.9)
      dry-types (~> 1.7)
      refinements (~> 13.3)
      versionaire (~> 14.0)
      zeitwerk (~> 2.7)
    hashdiff (1.2.0)
    infusible (4.4.0)
      marameters (~> 4.1)
    json (2.13.2)
    logger (1.7.0)
    marameters (4.4.0)
      refinements (~> 13.3)
      zeitwerk (~> 2.7)
    minitest (5.25.5)
    mocha (2.7.1)
      ruby2_keywords (>= 0.0.5)
    multi_json (1.17.0)
    mustermann (3.0.4)
      ruby2_keywords (~> 0.0.1)
    nats-pure (2.5.0)
      base64
      concurrent-ruby (~> 1.0)
      json
      securerandom
      uri
    optparse (0.6.0)
    rack (3.2.1)
    rack-protection (4.1.1)
      base64 (>= 0.1.0)
      logger (>= 1.6.0)
      rack (>= 3.0.0, < 4)
    rack-session (2.1.1)
      base64 (>= 0.1.0)
      rack (>= 3.0.0)
    rake (13.3.0)
    rbtree (0.4.6)
    refinements (13.5.0)
    ruby2_keywords (0.0.5)
    runcom (12.3.0)
      refinements (~> 13.3)
      xdg (~> 9.0)
      zeitwerk (~> 2.7)
    securerandom (0.4.1)
    set (1.1.2)
    simple_json_schema_builder (0.1.3)
      multi_json (~> 1.0)
    sinatra (4.1.1)
      logger (>= 1.6.0)
      mustermann (~> 3.0)
      rack (>= 3.0.0, < 4)
      rack-protection (= 4.1.1)
      rack-session (>= 2.0.0, < 3)
      tilt (~> 2.0)
    sod (1.4.0)
      cogger (~> 1.0)
      containable (~> 1.1)
      infusible (~> 4.0)
      optparse (~> 0.6)
      refinements (~> 13.5)
      tone (~> 2.0)
      zeitwerk (~> 2.7)
    sorted_set (1.0.3)
      rbtree
      set (~> 1.0)
    spek (4.4.0)
      core (~> 2.0)
      dry-monads (~> 1.9)
      refinements (~> 13.3)
      versionaire (~> 14.0)
      zeitwerk (~> 2.7)
    tilt (2.6.1)
    tocer (19.3.0)
      cogger (~> 1.0)
      containable (~> 1.1)
      core (~> 2.0)
      dry-schema (~> 1.13)
      etcher (~> 3.0)
      infusible (~> 4.0)
      refinements (~> 13.3)
      runcom (~> 12.0)
      sod (~> 1.0)
      spek (~> 4.0)
      zeitwerk (~> 2.7)
    tone (2.4.0)
      refinements (~> 13.3)
      zeitwerk (~> 2.7)
    uri (1.0.3)
    versionaire (14.3.0)
      refinements (~> 13.3)
    webrick (1.9.1)
    xdg (9.3.0)
    zeitwerk (2.7.3)

PLATFORMS
  arm64-darwin

DEPENDENCIES
  agent99!
  amazing_print
  debug_me
  hashdiff
  minitest
  mocha
  rake
  tocer
  webrick

BUNDLED WITH
   2.5.23
