PATH
  remote: .
  specs:
    agent99 (0.0.1)
      bunny
      nats-pure
      simple_json_schema_builder

GEM
  remote: https://rubygems.org/
  specs:
    amazing_print (1.6.0)
    amq-protocol (2.3.2)
    bigdecimal (3.1.8)
    bunny (2.23.0)
      amq-protocol (~> 2.3, >= 2.3.1)
      sorted_set (~> 1, >= 1.0.2)
    cogger (0.31.0)
      core (~> 1.10)
      logger (~> 1.6)
      refinements (~> 12.10)
      tone (~> 1.10)
      zeitwerk (~> 2.7)
    concurrent-ruby (1.3.4)
    containable (0.6.0)
      concurrent-ruby (~> 1.2)
    core (1.10.0)
    debug_me (1.1.1)
    dry-configurable (1.2.0)
      dry-core (~> 1.0, < 2)
      zeitwerk (~> 2.6)
    dry-core (1.0.2)
      concurrent-ruby (~> 1.0)
      logger
      zeitwerk (~> 2.6)
    dry-inflector (1.1.0)
    dry-initializer (3.1.1)
    dry-logic (1.5.0)
      concurrent-ruby (~> 1.0)
      dry-core (~> 1.0, < 2)
      zeitwerk (~> 2.6)
    dry-monads (1.6.0)
      concurrent-ruby (~> 1.0)
      dry-core (~> 1.0, < 2)
      zeitwerk (~> 2.6)
    dry-schema (1.13.4)
      concurrent-ruby (~> 1.0)
      dry-configurable (~> 1.0, >= 1.0.1)
      dry-core (~> 1.0, < 2)
      dry-initializer (~> 3.0)
      dry-logic (>= 1.4, < 2)
      dry-types (>= 1.7, < 2)
      zeitwerk (~> 2.6)
    dry-types (1.7.2)
      bigdecimal (~> 3.0)
      concurrent-ruby (~> 1.0)
      dry-core (~> 1.0)
      dry-inflector (~> 1.0)
      dry-logic (~> 1.4)
      zeitwerk (~> 2.6)
    etcher (2.7.0)
      cogger (~> 0.31)
      core (~> 1.10)
      dry-monads (~> 1.6)
      dry-types (~> 1.7)
      refinements (~> 12.10)
      versionaire (~> 13.10)
      zeitwerk (~> 2.7)
    hashdiff (1.1.2)
    infusible (3.12.0)
      marameters (~> 3.12)
    logger (1.6.2)
    marameters (3.12.0)
      refinements (~> 12.10)
      zeitwerk (~> 2.7)
    minitest (5.25.2)
    mocha (2.6.1)
      ruby2_keywords (>= 0.0.5)
    multi_json (1.15.0)
    nats-pure (2.4.0)
      concurrent-ruby (~> 1.0)
    optparse (0.6.0)
    rake (13.2.1)
    rbtree (0.4.6)
    refinements (12.11.0)
    ruby2_keywords (0.0.5)
    runcom (11.10.0)
      refinements (~> 12.10)
      xdg (~> 8.10)
      zeitwerk (~> 2.7)
    set (1.1.1)
    simple_json_schema_builder (0.1.0)
      multi_json (~> 1.0)
    sod (0.20.0)
      cogger (~> 0.31)
      containable (~> 0.2)
      infusible (~> 3.12)
      optparse (~> 0.6)
      refinements (~> 12.10)
      tone (~> 1.10)
      zeitwerk (~> 2.7)
    sorted_set (1.0.3)
      rbtree
      set (~> 1.0)
    spek (3.10.0)
      dry-monads (~> 1.6)
      refinements (~> 12.10)
      versionaire (~> 13.10)
      zeitwerk (~> 2.7)
    tocer (18.7.0)
      cogger (~> 0.31)
      containable (~> 0.2)
      core (~> 1.10)
      dry-schema (~> 1.13)
      etcher (~> 2.7)
      infusible (~> 3.12)
      refinements (~> 12.10)
      runcom (~> 11.10)
      sod (~> 0.20)
      spek (~> 3.0)
      zeitwerk (~> 2.7)
    tone (1.10.0)
      refinements (~> 12.10)
      zeitwerk (~> 2.7)
    versionaire (13.10.0)
      refinements (~> 12.10)
    xdg (8.10.0)
    zeitwerk (2.7.1)

PLATFORMS
  arm64-darwin

DEPENDENCIES
  agent99!
  amazing_print
  debug_me
  hashdiff
  minitest (~> 5.16)
  mocha
  rake (~> 13.0)
  tocer

BUNDLED WITH
   2.5.23
